GEM
  remote: https://rubygems.org/
  specs:
    aws-sdk (1.58.0)
      aws-sdk-v1 (= 1.58.0)
    aws-sdk-v1 (1.58.0)
      json (~> 1.4)
      nokogiri (>= 1.4.4)
    cfndsl (0.1.6)
    json (1.8.1)
    mini_portile (0.6.1)
    nokogiri (1.6.4.1)
      mini_portile (~> 0.6.0)
    rake (10.3.2)

PLATFORMS
  ruby

DEPENDENCIES
  aws-sdk
  cfndsl
  rake
